GEM
  remote: https://rubygems.org/
  specs:
    json (2.1.0)
    minitest (5.10.1)
    rack (1.6.6)
    rack-protection (1.5.3)
      rack
    rake (10.5.0)
    sinatra (1.4.8)
      rack (~> 1.5)
      rack-protection (~> 1.4)
      tilt (>= 1.3, < 3)
    tilt (2.0.7)

PLATFORMS
  ruby

DEPENDENCIES
  bundler (~> 1.14)
  json (~> 2.1)
  minitest (~> 5.0)
  rake (~> 10.0)
  sinatra (~> 1.4, >= 1.4.7)

BUNDLED WITH
   1.14.6
